FRAMEWORK: >= NET461
NUGET
  remote: https://www.nuget.org/api/v2
    AutoMapper (5.0.2)
    JetBrains.Annotations (10.1.5)
    log4net (1.2.10)
    Microsoft.Extensions.Configuration (1.0)
    Microsoft.Extensions.Configuration.Abstractions (1.0)
    Microsoft.Extensions.Configuration.FileExtensions (1.0)
      Microsoft.Extensions.Configuration (>= 1.0)
      Microsoft.Extensions.FileProviders.Physical (>= 1.0)
    Microsoft.Extensions.Configuration.Json (1.0)
      Microsoft.Extensions.Configuration (>= 1.0)
      Microsoft.Extensions.Configuration.FileExtensions (>= 1.0)
      Newtonsoft.Json (>= 9.0.1)
    Microsoft.Extensions.FileProviders.Abstractions (1.0)
    Microsoft.Extensions.FileProviders.Physical (1.0)
      Microsoft.Extensions.FileProviders.Abstractions (>= 1.0)
      Microsoft.Extensions.FileSystemGlobbing (>= 1.0)
    Microsoft.Extensions.FileSystemGlobbing (1.0)
    Microsoft.Extensions.Primitives (1.0)
    Nancy (1.4.3)
    Nancy.Hosting.Aspnet (1.4.1)
      Nancy (>= 1.4.1)
    Newtonsoft.Json (9.0.1)
    Platform.NET (1.2.1.283)
    Platform.Xml.Serialization (1.2.1.283)
      Platform.NET (>= 1.2.1.283)
    Shaolinq (1.1.0.887)
      Platform.NET (>= 1.2.1.279)
      Platform.Xml.Serialization (>= 1.2.1.279)
    Shaolinq.SqlServer (1.1.0.887)
      Shaolinq (>= 1.1.0.887)
